GEM
  remote: https://rubygems.org/
  specs:
    colored (1.2)
    rake (11.1.2)

PLATFORMS
  ruby

DEPENDENCIES
  colored
  rake

BUNDLED WITH
   1.11.2
